PATH
  remote: .
  specs:
    vagrant-reset (0.0.1)

GEM
  remote: https://rubygems.org/
  specs:
    rake (13.0.1)

PLATFORMS
  ruby

DEPENDENCIES
  bundler (>= 1.0.0)
  rake
  vagrant-reset!

BUNDLED WITH
   2.1.4
